GEM
  specs:
    coderay (1.1.3)
    dotenv (2.7.6)
    method_source (1.0.0)
    pry (0.14.1)
      coderay (~> 1.1)
      method_source (~> 1.0)

PLATFORMS
  x86_64-linux

DEPENDENCIES
  dotenv
  pry

BUNDLED WITH
   2.2.29
